GIT
  remote: git://github.com/capistrano/bundler.git
  revision: 8c40862ef53de8d7706682f452f6ba76502864ad
  specs:
    capistrano-bundler (1.0.0)
      capistrano (>= 3.0.0.pre)

GIT
  remote: git://github.com/capistrano/capistrano.git
  revision: 8f436569fbbf55b246a385a1514f8bca85b28e13
  specs:
    capistrano (3.0.0)
      i18n
      rake (>= 10.0.0)
      sshkit (>= 0.0.23)

GIT
  remote: git://github.com/capistrano/rails.git
  revision: 43635c2100cd97bbb2f2706f9e99fc5319370284
  specs:
    capistrano-rails (1.0.0)
      capistrano

GIT
  remote: git://github.com/capistrano/rvm.git
  revision: 76d7cd6bd86430210d7eb8cbc209f4b5161c42a2
  specs:
    capistrano-rvm (0.0.1)
      capistrano

GEM
  remote: https://rubygems.org/
  specs:
    i18n (0.6.5)
    net-scp (1.1.2)
      net-ssh (>= 2.6.5)
    net-ssh (2.7.0)
    rake (10.1.0)
    sshkit (0.0.34)
      net-scp
      net-ssh
      term-ansicolor
    term-ansicolor (1.2.2)
      tins (~> 0.8)
    tins (0.11.0)

PLATFORMS
  ruby

DEPENDENCIES
  capistrano (~> 3.0.0)!
  capistrano-bundler!
  capistrano-rails!
  capistrano-rvm!
